GEM
  specs:
    coderay (1.1.3)
    method_source (1.1.0)
    pry (0.15.2)
      coderay (~> 1.1)
      method_source (~> 1.0)

PLATFORMS
  x86_64-linux

DEPENDENCIES
  pry

RUBY VERSION
   ruby 3.2.2p53

BUNDLED WITH
   2.6.3
